GEM
  remote: https://rubygems.org/
  specs:
    blankslate (3.1.2)
    classifier (1.3.3)
      fast-stemmer (>= 1.0.0)
    coderay (1.0.9)
    directory_watcher (1.5.1)
    em-websocket (0.5.0)
      eventmachine (>= 0.12.9)
      http_parser.rb (~> 0.5.3)
    eventmachine (1.0.3)
    fast-stemmer (1.0.2)
    ffi (1.0.11)
    formatador (0.2.4)
    guard (1.7.0)
      formatador (>= 0.2.4)
      listen (>= 0.6.0)
      lumberjack (>= 1.0.2)
      pry (>= 0.9.10)
      thor (>= 0.14.6)
    guard-livereload (1.1.3)
      em-websocket (>= 0.2.0)
      guard (>= 1.5.0)
      multi_json (~> 1.0)
    http_parser.rb (0.5.3)
    jekyll-reloaded (0.12.2)
      classifier (~> 1.3)
      directory_watcher (~> 1.1)
      kramdown (~> 0.13)
      liquid (~> 2.2)
      maruku (~> 0.5)
      pygments.rb (~> 0.2.4)
    kramdown (0.14.2)
    liquid (2.5.0)
    listen (0.7.3)
    lumberjack (1.0.3)
    maruku (0.6.1)
      syntax (>= 1.0.0)
    method_source (0.8.1)
    multi_json (1.7.2)
    nokogiri (1.5.9)
    pry (0.9.12)
      coderay (~> 1.0.5)
      method_source (~> 0.8)
      slop (~> 3.4)
    pygments.rb (0.2.13)
      rubypython (~> 0.5.3)
    rb-fsevent (0.9.3)
    rdiscount (2.0.7.2)
    rubypython (0.5.3)
      blankslate (>= 2.1.2.3)
      ffi (~> 1.0.7)
    slop (3.4.4)
    syntax (1.0.0)
    thor (0.18.1)

PLATFORMS
  ruby

DEPENDENCIES
  guard
  guard-livereload
  jekyll-reloaded
  nokogiri
  rb-fsevent
  rdiscount
